GEM
  remote: https://rubygems.org/
  specs:
    addressable (2.8.6)
      public_suffix (>= 2.0.2, < 6.0)
    ast (2.4.2)
    babosa (2.0.0)
    base64 (0.2.0)
    byebug (11.1.3)
    coderay (1.1.3)
    concurrent-ruby (1.2.2)
    dotenv (2.8.1)
    elastic-transport (8.3.0)
      faraday (< 3)
      multi_json
    elasticsearch (8.11.0)
      elastic-transport (~> 8.3)
      elasticsearch-api (= 8.11.0)
    elasticsearch-api (8.11.0)
      multi_json
    event_stream_parser (1.0.0)
    faraday (2.7.12)
      base64
      faraday-net_http (>= 2.0, < 3.1)
      ruby2_keywords (>= 0.0.4)
    faraday-multipart (1.0.4)
      multipart-post (~> 2)
    faraday-net_http (3.0.2)
    ffi (1.16.3)
    gemini-ai (2.2.0)
      event_stream_parser (~> 1.0)
      faraday (~> 2.7, >= 2.7.12)
      googleauth (~> 1.9, >= 1.9.1)
    google-cloud-env (2.1.0)
      faraday (>= 1.0, < 3.a)
    googleauth (1.9.1)
      faraday (>= 1.0, < 3.a)
      google-cloud-env (~> 2.1)
      jwt (>= 1.4, < 3.0)
      multi_json (~> 1.11)
      os (>= 0.9, < 2.0)
      signet (>= 0.16, < 2.a)
    json (2.7.1)
    jwt (2.7.1)
    language_server-protocol (3.17.0.3)
    method_source (1.0.0)
    multi_json (1.15.0)
    multipart-post (2.3.0)
    nano-bots (2.2.0)
      babosa (~> 2.0)
      concurrent-ruby (~> 1.2, >= 1.2.2)
      dotenv (~> 2.8, >= 2.8.1)
      gemini-ai (~> 2.2)
      pry (~> 0.14.2)
      rainbow (~> 3.1, >= 3.1.1)
      rbnacl (~> 7.1, >= 7.1.1)
      ruby-openai (~> 6.3, >= 6.3.1)
      sweet-moon (~> 0.0.7)
    os (1.1.4)
    parallel (1.24.0)
    parser (3.2.2.4)
      ast (~> 2.4.1)
      racc
    pry (0.14.2)
      coderay (~> 1.1)
      method_source (~> 1.0)
    pry-byebug (3.10.1)
      byebug (~> 11.0)
      pry (>= 0.13, < 0.15)
    public_suffix (5.0.4)
    racc (1.7.3)
    rainbow (3.1.1)
    rbnacl (7.1.1)
      ffi
    regexp_parser (2.8.3)
    rexml (3.2.6)
    rubocop (1.59.0)
      json (~> 2.3)
      language_server-protocol (>= 3.17.0)
      parallel (~> 1.10)
      parser (>= 3.2.2.4)
      rainbow (>= 2.2.2, < 4.0)
      regexp_parser (>= 1.8, < 3.0)
      rexml (>= 3.2.5, < 4.0)
      rubocop-ast (>= 1.30.0, < 2.0)
      ruby-progressbar (~> 1.7)
      unicode-display_width (>= 2.4.0, < 3.0)
    rubocop-ast (1.30.0)
      parser (>= 3.2.1.0)
    ruby-openai (6.3.1)
      event_stream_parser (>= 0.3.0, < 2.0.0)
      faraday (>= 1)
      faraday-multipart (>= 1)
    ruby-progressbar (1.13.0)
    ruby2_keywords (0.0.5)
    signet (0.18.0)
      addressable (~> 2.8)
      faraday (>= 0.17.5, < 3.a)
      jwt (>= 1.5, < 3.0)
      multi_json (~> 1.10)
    sweet-moon (0.0.7)
      ffi (~> 1.15, >= 1.15.5)
    unicode-display_width (2.5.0)

PLATFORMS
  x86_64-linux

DEPENDENCIES
  coderay (~> 1.1, >= 1.1.3)
  dotenv (~> 2.8, >= 2.8.1)
  elasticsearch (~> 8.11)
  nano-bots (~> 2.2)
  pry-byebug (~> 3.10, >= 3.10.1)
  rubocop (~> 1.58)
  ruby-openai (~> 6.3, >= 6.3.1)

BUNDLED WITH
   2.4.22
